GEM
  remote: http://rubygems.org/
  remote: http://amee:aeC5ahx4@gems.amee.com/
  specs:
    WikiCreole (0.1.3)
    activesupport (3.2.0)
      i18n (~> 0.6)
      multi_json (~> 1.0)
    amee (4.3.2)
      activesupport (>= 2.3.11)
      appraisal
      json
      log4r
      nokogiri (~> 1.4.4)
    amee-internal (5.1.0)
      amee (~> 4.3)
    appraisal (0.4.0)
      bundler
      rake
    builder (3.0.0)
    ci_reporter (1.6.9)
      builder (>= 2.1.2)
    ffi (1.0.11)
    flexmock (0.9.0)
    guard (1.0.0)
      ffi (>= 0.5.0)
      thor (~> 0.14.6)
    guard-rake (0.0.4)
      guard
      rake
    guard-rspec (0.6.0)
      guard (>= 0.10.0)
    i18n (0.6.0)
    json (1.6.5)
    log4r (1.1.10)
    multi_json (1.0.4)
    nokogiri (1.4.7)
    rake (0.9.2.2)
    raspell (1.3)
    rb-fsevent (0.9.0)
    rspec (1.3.2)
    rspec_spinner (1.1.3)
      rtui
    rtui (0.2.2)
    thor (0.14.6)

PLATFORMS
  ruby

DEPENDENCIES
  WikiCreole
  amee (>= 4.3.0)
  amee-internal (>= 5.1.0)
  ci_reporter
  flexmock
  guard-rake
  guard-rspec
  log4r
  raspell
  rb-fsevent
  rspec (< 2.0.0)
  rspec_spinner (= 1.1.3)
